GEM
  remote: http://rubygems.org/
  specs:
    coderay (1.1.2)

PLATFORMS
  ruby

DEPENDENCIES
  coderay

BUNDLED WITH
   1.14.6
