GEM
  remote: http://rubygems.org/
  specs:
    rouge (3.1.1)

PLATFORMS
  ruby

DEPENDENCIES
  rouge

BUNDLED WITH
   1.14.6
